PATH
  remote: .
  specs:
    gaku_imex (0.0.1)
      gaku_admin (~> 0.1.1)
      gaku_core (~> 0.1.1)
      gaku_testing (~> 0.1.1)
      gen_sheet
      roo
      sidekiq
      sinatra
      smarter_csv

PATH
  remote: ../gaku
  specs:
    gaku (0.1.1)
      gaku_admin (= 0.1.1)
      gaku_archive (= 0.1.1)
      gaku_core (= 0.1.1)
      gaku_frontend (= 0.1.1)
      gaku_sample (= 0.1.1)
      gaku_testing (= 0.1.1)
    gaku_admin (0.1.1)
      bootstrap-datepicker-rails (~> 1.3.0.1)
      bootstrap-sass (= 3.1.1.0)
      coffee-rails (~> 4.0.1)
      gaku_core (= 0.1.1)
      gaku_testing (= 0.1.1)
      jquery-minicolors-rails (= 2.1.1)
      jquery-rails (~> 3.1)
      jquery-ui-rails (~> 4.2)
      momentjs-rails (~> 2.5.1)
      nested_form
      nprogress-rails
      phantom_forms (= 0.2.0.alpha5)
      phantom_helpers (= 0.11.0.alpha6)
      phantom_nested_forms (= 0.2.0.alpha4)
      rails4_client_side_validations (= 0.0.3)
      remotipart (~> 1.2.1)
      responders (~> 1.0)
      sass (~> 3.2)
      sass-rails (= 4.0.2)
      slim (= 2.0.0)
      sprockets (= 2.11.0)
      underscore-rails (~> 1.5.2)
    gaku_archive (0.1.1)
      gaku_admin (= 0.1.1)
      gaku_core (= 0.1.1)
      gaku_frontend (= 0.1.1)
      paper_trail (= 3.0.0)
    gaku_core (0.1.1)
      cancan (~> 1.6.10)
      deface (~> 1.0.0)
      devise (~> 3.2.3)
      devise-i18n
      draper (~> 1.3.0)
      ffaker (~> 1.23.0)
      globalize (~> 4.0.0)
      highline (= 1.6.11)
      kaminari (~> 0.15.1)
      paperclip (~> 3.5)
      pg (= 0.17.1)
      rails (= 4.0.4)
      rails-i18n (~> 4.0.2)
      rake-progressbar
      ransack (~> 1.1.0)
      redis (= 3.0.7)
    gaku_frontend (0.1.1)
      bootstrap-datepicker-rails (~> 1.3.0.1)
      bootstrap-datetime-picker-for-rails (~> 0.0.4)
      bootstrap-sass (= 3.1.1.0)
      coffee-rails (~> 4.0.1)
      gaku_core (= 0.1.1)
      gaku_testing (= 0.1.1)
      jquery-minicolors-rails (= 2.1.1)
      jquery-rails (~> 3.1)
      jquery-ui-rails (~> 4.2)
      momentjs-rails (~> 2.5.1)
      nested_form
      nprogress-rails
      phantom_forms (= 0.2.0.alpha5)
      phantom_helpers (= 0.11.0.alpha6)
      phantom_nested_forms (= 0.2.0.alpha4)
      rails4_client_side_validations (= 0.0.3)
      remotipart (~> 1.2.1)
      responders (~> 1.0)
      sass (~> 3.2)
      sass-rails (= 4.0.2)
      select2-rails (~> 3.5.2)
      slim (= 2.0.0)
      sprockets (= 2.11.0)
      underscore-rails (~> 1.5.2)
    gaku_sample (0.1.1)
      gaku_core (= 0.1.1)
    gaku_testing (0.1.1)
      gaku_core (= 0.1.1)

GEM
  remote: http://production.s3.rubygems.org/
  specs:
    actionmailer (4.0.4)
      actionpack (= 4.0.4)
      mail (~> 2.5.4)
    actionpack (4.0.4)
      activesupport (= 4.0.4)
      builder (~> 3.1.0)
      erubis (~> 2.7.0)
      rack (~> 1.5.2)
      rack-test (~> 0.6.2)
    activemodel (4.0.4)
      activesupport (= 4.0.4)
      builder (~> 3.1.0)
    activerecord (4.0.4)
      activemodel (= 4.0.4)
      activerecord-deprecated_finders (~> 1.0.2)
      activesupport (= 4.0.4)
      arel (~> 4.0.0)
    activerecord-deprecated_finders (1.0.3)
    activesupport (4.0.4)
      i18n (~> 0.6, >= 0.6.9)
      minitest (~> 4.2)
      multi_json (~> 1.3)
      thread_safe (~> 0.1)
      tzinfo (~> 0.3.37)
    addressable (2.3.6)
    arel (4.0.2)
    bcrypt (3.1.7)
    bootstrap-datepicker-rails (1.3.0.2)
      railties (>= 3.0)
    bootstrap-datetime-picker-for-rails (0.0.4)
      rails (>= 3.2.0)
    bootstrap-sass (3.1.1.0)
      sass (~> 3.2)
    builder (3.1.4)
    cancan (1.6.10)
    capybara (2.2.1)
      mime-types (>= 1.16)
      nokogiri (>= 1.3.3)
      rack (>= 1.0.0)
      rack-test (>= 0.5.4)
      xpath (~> 2.0)
    celluloid (0.15.2)
      timers (~> 1.1.0)
    childprocess (0.5.3)
      ffi (~> 1.0, >= 1.0.11)
    climate_control (0.0.3)
      activesupport (>= 3.0)
    cliver (0.3.2)
    cocaine (0.5.4)
      climate_control (>= 0.0.3, < 1.0)
    coffee-rails (4.0.1)
      coffee-script (>= 2.2.0)
      railties (>= 4.0.0, < 5.0)
    coffee-script (2.2.0)
      coffee-script-source
      execjs
    coffee-script-source (1.7.0)
    colorize (0.7.3)
    connection_pool (2.0.0)
    coveralls (0.7.0)
      multi_json (~> 1.3)
      rest-client
      simplecov (>= 0.7)
      term-ansicolor
      thor
    database_cleaner (1.3.0)
    deface (1.0.0)
      colorize (>= 0.5.8)
      nokogiri (~> 1.6.0)
      rails (>= 3.1)
    devise (3.2.4)
      bcrypt (~> 3.0)
      orm_adapter (~> 0.1)
      railties (>= 3.2.6, < 5)
      thread_safe (~> 0.1)
      warden (~> 1.2.3)
    devise-i18n (0.10.3)
    diff-lcs (1.2.5)
    docile (1.1.3)
    draper (1.3.0)
      actionpack (>= 3.0)
      activemodel (>= 3.0)
      activesupport (>= 3.0)
      request_store (~> 1.0.3)
    erubis (2.7.0)
    execjs (2.1.0)
    factory_girl (4.4.0)
      activesupport (>= 3.0.0)
    factory_girl_rails (4.4.1)
      factory_girl (~> 4.4.0)
      railties (>= 3.0.0)
    ffaker (1.23.0)
    ffi (1.9.3)
    gen_sheet (0.1.0)
      rodf
      roo
      writeexcel
    globalize (4.0.1)
      activemodel (>= 4.0.0, < 5)
      activerecord (>= 4.0.0, < 5)
    handy_controller_helpers (0.0.3)
      rspec
    highline (1.6.11)
    hike (1.2.3)
    i18n (0.6.9)
    jquery-minicolors-rails (2.1.1.0)
      jquery-rails
      rails (>= 3.2.8)
    jquery-rails (3.1.0)
      railties (>= 3.0, < 5.0)
      thor (>= 0.14, < 2.0)
    jquery-ui-rails (4.2.1)
      railties (>= 3.2.16)
    json (1.8.1)
    kaminari (0.15.1)
      actionpack (>= 3.0.0)
      activesupport (>= 3.0.0)
    launchy (2.4.2)
      addressable (~> 2.3)
    mail (2.5.4)
      mime-types (~> 1.16)
      treetop (~> 1.4.8)
    mime-types (1.25.1)
    mini_portile (0.6.0)
    minitest (4.7.5)
    momentjs-rails (2.5.1)
      railties (>= 3.1)
    multi_json (1.10.1)
    nested_form (0.3.2)
    nokogiri (1.6.2.1)
      mini_portile (= 0.6.0)
    nprogress-rails (0.1.3.0)
    orm_adapter (0.5.0)
    paper_trail (3.0.0)
      activerecord (>= 3.0, < 5.0)
      activesupport (>= 3.0, < 5.0)
    paperclip (3.5.4)
      activemodel (>= 3.0.0)
      activesupport (>= 3.0.0)
      cocaine (~> 0.5.3)
      mime-types
    pg (0.17.1)
    phantom_forms (0.2.0.alpha5)
      phantom_helpers (~> 0.11.0.alpha3)
      rails
      rails4_client_side_validations (= 0.0.3)
    phantom_helpers (0.11.0.alpha6)
    phantom_nested_forms (0.2.0.alpha4)
      nested_form
      phantom_forms (~> 0.2.0.alpha3)
      rails4_client_side_validations
    poltergeist (1.5.0)
      capybara (~> 2.1)
      cliver (~> 0.3.1)
      multi_json (~> 1.0)
      websocket-driver (>= 0.2.0)
    polyamorous (0.6.4)
      activerecord (>= 3.0)
    polyglot (0.3.4)
    rack (1.5.2)
    rack-protection (1.5.3)
      rack
    rack-test (0.6.2)
      rack (>= 1.0)
    rails (4.0.4)
      actionmailer (= 4.0.4)
      actionpack (= 4.0.4)
      activerecord (= 4.0.4)
      activesupport (= 4.0.4)
      bundler (>= 1.3.0, < 2.0)
      railties (= 4.0.4)
      sprockets-rails (~> 2.0.0)
    rails-i18n (4.0.2)
      i18n (~> 0.6)
      rails (>= 4.0)
    rails4_client_side_validations (0.0.3)
    railties (4.0.4)
      actionpack (= 4.0.4)
      activesupport (= 4.0.4)
      rake (>= 0.8.7)
      thor (>= 0.18.1, < 2.0)
    rake (10.3.2)
    rake-progressbar (0.0.5)
    ransack (1.1.0)
      actionpack (>= 3.0)
      activerecord (>= 3.0)
      polyamorous (~> 0.6.0)
    redis (3.0.7)
    redis-namespace (1.4.1)
      redis (~> 3.0.4)
    remotipart (1.2.1)
    request_store (1.0.5)
    responders (1.1.0)
      railties (>= 3.2, < 5)
    rest-client (1.6.7)
      mime-types (>= 1.16)
    rodf (0.3.5)
      activesupport (>= 3.0, < 5.0)
      builder (~> 3.0)
      rubyzip (~> 1.0)
    roo (1.13.2)
      nokogiri
      rubyzip
      spreadsheet (> 0.6.4)
    rspec (2.14.1)
      rspec-core (~> 2.14.0)
      rspec-expectations (~> 2.14.0)
      rspec-mocks (~> 2.14.0)
    rspec-core (2.14.8)
    rspec-expectations (2.14.5)
      diff-lcs (>= 1.1.3, < 2.0)
    rspec-mocks (2.14.6)
    rspec-rails (2.14.2)
      actionpack (>= 3.0)
      activemodel (>= 3.0)
      activesupport (>= 3.0)
      railties (>= 3.0)
      rspec-core (~> 2.14.0)
      rspec-expectations (~> 2.14.0)
      rspec-mocks (~> 2.14.0)
    ruby-ole (1.2.11.7)
    rubyzip (1.1.3)
    sass (3.2.19)
    sass-rails (4.0.2)
      railties (>= 4.0.0, < 5.0)
      sass (~> 3.2.0)
      sprockets (~> 2.8, <= 2.11.0)
      sprockets-rails (~> 2.0.0)
    select2-rails (3.5.7)
      thor (~> 0.14)
    selenium-webdriver (2.42.0)
      childprocess (>= 0.5.0)
      multi_json (~> 1.0)
      rubyzip (~> 1.0)
      websocket (~> 1.0.4)
    shoulda-matchers (2.5.0)
      activesupport (>= 3.0.0)
    sidekiq (3.1.2)
      celluloid (>= 0.15.2)
      connection_pool (>= 2.0.0)
      json
      redis (>= 3.0.6)
      redis-namespace (>= 1.3.1)
    simplecov (0.8.2)
      docile (~> 1.1.0)
      multi_json
      simplecov-html (~> 0.8.0)
    simplecov-html (0.8.0)
    sinatra (1.4.5)
      rack (~> 1.4)
      rack-protection (~> 1.4)
      tilt (~> 1.3, >= 1.3.4)
    slim (2.0.0)
      temple (~> 0.6.5)
      tilt (~> 1.3, >= 1.3.3)
    smarter_csv (1.0.17)
    spreadsheet (0.9.7)
      ruby-ole (>= 1.0)
    sprockets (2.11.0)
      hike (~> 1.2)
      multi_json (~> 1.0)
      rack (~> 1.0)
      tilt (~> 1.1, != 1.3.0)
    sprockets-rails (2.0.1)
      actionpack (>= 3.0)
      activesupport (>= 3.0)
      sprockets (~> 2.8)
    temple (0.6.7)
    term-ansicolor (1.3.0)
      tins (~> 1.0)
    thor (0.19.1)
    thread_safe (0.3.4)
    tilt (1.4.1)
    timers (1.1.0)
    tins (1.3.0)
    treetop (1.4.15)
      polyglot
      polyglot (>= 0.3.1)
    tzinfo (0.3.39)
    underscore-rails (1.5.2)
    warden (1.2.3)
      rack (>= 1.0)
    websocket (1.0.7)
    websocket-driver (0.3.3)
    writeexcel (1.0.4)
    xpath (2.0.0)
      nokogiri (~> 1.3)

PLATFORMS
  ruby

DEPENDENCIES
  capybara (~> 2.1)
  coveralls
  database_cleaner (~> 1.2)
  factory_girl_rails (~> 4.4.0)
  gaku!
  gaku_imex!
  handy_controller_helpers (= 0.0.3)
  launchy
  poltergeist
  rspec-rails (~> 2.14.1)
  selenium-webdriver (~> 2.39)
  shoulda-matchers (~> 2.5.0)
  simplecov
